PATH
  remote: .
  specs:
    bonsai (1.4.8)
      activesupport (>= 3.0.3)
      builder (>= 3.0.0)
      i18n (>= 0.5.0)
      launchy (>= 0.3.7)
      liquid
      maruku (>= 0.6.0)
      rack
      sass
      sinatra (>= 1.0)
      slim
      tilt
      watch (>= 0.1.0)
      yui-compressor

GEM
  remote: http://rubygems.org/
  specs:
    POpen4 (0.1.4)
      Platform (>= 0.4.0)
      open4
    Platform (0.4.0)
    activesupport (3.2.12)
      i18n (~> 0.6)
      multi_json (~> 1.0)
    addressable (2.3.4)
    builder (3.2.0)
    diff-lcs (1.1.3)
    i18n (0.6.4)
    launchy (2.3.0)
      addressable (~> 2.3)
    liquid (2.5.0)
    maruku (0.6.1)
      syntax (>= 1.0.0)
    multi_json (1.7.2)
    open4 (1.3.0)
    rack (1.5.2)
    rack-protection (1.5.0)
      rack
    rake (10.0.4)
    rspec (2.8.0)
      rspec-core (~> 2.8.0)
      rspec-expectations (~> 2.8.0)
      rspec-mocks (~> 2.8.0)
    rspec-core (2.8.0)
    rspec-expectations (2.8.0)
      diff-lcs (~> 1.1.2)
    rspec-mocks (2.8.0)
    sass (3.2.8)
    sinatra (1.4.2)
      rack (~> 1.5, >= 1.5.2)
      rack-protection (~> 1.4)
      tilt (~> 1.3, >= 1.3.4)
    slim (1.0.1)
      temple (~> 0.3.0)
      tilt (~> 1.2)
    syntax (1.0.0)
    temple (0.3.5)
    tilt (1.4.0)
    watch (0.1.0)
    yard (0.7.5)
    yui-compressor (0.9.6)
      POpen4 (>= 0.1.4)

PLATFORMS
  ruby

DEPENDENCIES
  bonsai!
  rake
  rspec (~> 2.8.0)
  yard (~> 0.7.5)
